GEM
  remote: https://rubygems.org/
  specs:
    coderay (1.1.3)
    ethon (0.9.0)
      ffi (>= 1.3.0)
    ffi (1.15.5)
    ffi (1.15.5-java)
    method_source (1.0.0)
    mini_portile2 (2.8.1)
    nokogiri (1.13.10)
      mini_portile2 (~> 2.8.0)
      racc (~> 1.4)
    nokogiri (1.13.10-java)
      racc (~> 1.4)
    pry (0.14.1)
      coderay (~> 1.1)
      method_source (~> 1.0)
    pry (0.14.1-java)
      coderay (~> 1.1)
      method_source (~> 1.0)
      spoon (~> 0.0)
    racc (1.6.2)
    racc (1.6.2-java)
    spoon (0.0.6)
      ffi
    typhoeus (1.0.2)
      ethon (>= 0.9.0)

PLATFORMS
  java
  ruby
  universal-java-1.8

DEPENDENCIES
  nokogiri
  pry
  typhoeus

BUNDLED WITH
   2.3.13
